GIT
  remote: git@github.com:tibastral/makers-mark.git
  revision: c6083ae840e17cd539d74c8712ede5f593c8a763
  specs:
    makers-mark (0.1.1)
      bluecloth (>= 2.0.0)
      nokogiri

GEM
  remote: http://rubygems.org/
  specs:
    bluecloth (2.1.0)
    haml (3.1.2)
    nokogiri (1.5.0)
    open4 (1.1.0)
    pygmentize (0.0.3)
    rake (0.9.2)
    sass (3.1.5)

PLATFORMS
  ruby

DEPENDENCIES
  haml
  makers-mark!
  open4
  pygmentize
  rake
  sass
